GEM
  remote: http://rubygems.org/
  specs:
    citrus (2.2.2)

PLATFORMS
  ruby

DEPENDENCIES
  citrus (~> 2.2.2)
