PATH
  remote: .
  specs:
    lupin (0.0.2)
      citrus (~> 2.2.0)

GEM
  specs:
    citrus (2.2.2)
    diff-lcs (1.1.2)
    rspec (2.2.0)
      rspec-core (~> 2.2)
      rspec-expectations (~> 2.2)
      rspec-mocks (~> 2.2)
    rspec-core (2.2.1)
    rspec-expectations (2.2.0)
      diff-lcs (~> 1.1.2)
    rspec-mocks (2.2.0)

PLATFORMS
  ruby

DEPENDENCIES
  bundler (~> 1.0.0)
  citrus (~> 2.2.0)
  lupin!
  rspec (~> 2.2.0)
