PATH
  remote: .
  specs:
    lupin (0.0.1)
      citrus (~> 2.2.2)

GEM
  specs:
    citrus (2.2.2)
    diff-lcs (1.1.2)
    rspec (2.1.0)
      rspec-core (~> 2.1.0)
      rspec-expectations (~> 2.1.0)
      rspec-mocks (~> 2.1.0)
    rspec-core (2.1.0)
    rspec-expectations (2.1.0)
      diff-lcs (~> 1.1.2)
    rspec-mocks (2.1.0)

PLATFORMS
  ruby

DEPENDENCIES
  bundler (~> 1.0.7)
  citrus (~> 2.2.2)
  lupin!
  rspec (~> 2.1.0)
